PATH
  remote: .
  specs:
    vcreport (0.1.0)
      activesupport
      concurrent-ruby
      mono_logger
      posix-spawn
      redcarpet
      thor
      webrick

GEM
  remote: https://rubygems.org/
  specs:
    activesupport (6.1.3.2)
      concurrent-ruby (~> 1.0, >= 1.0.2)
      i18n (>= 1.6, < 2)
      minitest (>= 5.1)
      tzinfo (~> 2.0)
      zeitwerk (~> 2.3)
    ast (2.4.2)
    concurrent-ruby (1.1.9)
    diff-lcs (1.4.4)
    i18n (1.8.10)
      concurrent-ruby (~> 1.0)
    minitest (5.14.4)
    mono_logger (1.1.1)
    mustermann (2.0.2)
      ruby2_keywords (~> 0.0.1)
    parser (2.7.2.0)
      ast (~> 2.4.1)
    posix-spawn (0.3.15)
    rack (2.2.8.1)
    rack-protection (2.2.4)
      rack
    rake (12.3.3)
    redcarpet (3.5.1)
    rspec (3.10.0)
      rspec-core (~> 3.10.0)
      rspec-expectations (~> 3.10.0)
      rspec-mocks (~> 3.10.0)
    rspec-core (3.10.1)
      rspec-support (~> 3.10.0)
    rspec-expectations (3.10.1)
      diff-lcs (>= 1.2.0, < 2.0)
      rspec-support (~> 3.10.0)
    rspec-mocks (3.10.2)
      diff-lcs (>= 1.2.0, < 2.0)
      rspec-support (~> 3.10.0)
    rspec-support (3.10.2)
    ruby2_keywords (0.0.5)
    sinatra (2.2.4)
      mustermann (~> 2.0)
      rack (~> 2.2)
      rack-protection (= 2.2.4)
      tilt (~> 2.0)
    solargraph (0.13.0)
      parser (~> 2.4)
      sinatra (~> 2)
      thor (~> 0.19, >= 0.19.4)
      yard (~> 0.9)
    thor (0.20.3)
    tilt (2.0.10)
    tzinfo (2.0.4)
      concurrent-ruby (~> 1.0)
    webrick (1.7.0)
    yard (0.9.36)
    zeitwerk (2.4.2)

PLATFORMS
  ruby

DEPENDENCIES
  rake (~> 12.0)
  rspec (~> 3.0)
  solargraph
  vcreport!

BUNDLED WITH
   2.2.15
